NUGET
  remote: https://nuget.org/api/v2
  specs:
    FAKE (4.3.7)
    NUnit (2.6.4)
